PATH
  remote: vendor/oauth
  specs:
    oauth (0.4.5)

GEM
  remote: http://rubygems.org/
  specs:
    daemons (1.1.4)
    diff-lcs (1.1.3)
    dropbox-api (0.3.2)
      hashie
      multi_json
      oauth
    hashie (1.2.0)
    multi_json (1.3.6)
    rspec (2.11.0)
      rspec-core (~> 2.11.0)
      rspec-expectations (~> 2.11.0)
      rspec-mocks (~> 2.11.0)
    rspec-core (2.11.1)
    rspec-expectations (2.11.2)
      diff-lcs (~> 1.1.3)
    rspec-mocks (2.11.2)
    sqlite3 (1.3.5)

PLATFORMS
  ruby

DEPENDENCIES
  daemons
  dropbox-api
  oauth!
  rspec
  sqlite3
